GEM
  remote: http://rubygems.org/
  specs:
    rack (1.2.1)
    rack-proxy (0.3.3)
      rack
    sinatra (1.0)
      rack (>= 1.0)

PLATFORMS
  ruby

DEPENDENCIES
  rack-proxy
  sinatra
